GIT
  remote: http://github.com/rubykube/vault-rails
  revision: bb17533fa56f051e01d40b180218f44262dd83df
  specs:
    vault-rails (0.5.0)
      rails (>= 4.1)
      vault (~> 0.5)

GEM
  remote: https://rubygems.org/
  specs:
    aasm (5.0.8)
      concurrent-ruby (~> 1.0)
    actioncable (5.2.4.3)
      actionpack (= 5.2.4.3)
      nio4r (~> 2.0)
      websocket-driver (>= 0.6.1)
    actionmailer (5.2.4.3)
      actionpack (= 5.2.4.3)
      actionview (= 5.2.4.3)
      activejob (= 5.2.4.3)
      mail (~> 2.5, >= 2.5.4)
      rails-dom-testing (~> 2.0)
    actionpack (5.2.4.3)
      actionview (= 5.2.4.3)
      activesupport (= 5.2.4.3)
      rack (~> 2.0, >= 2.0.8)
      rack-test (>= 0.6.3)
      rails-dom-testing (~> 2.0)
      rails-html-sanitizer (~> 1.0, >= 1.0.2)
    actionview (5.2.4.3)
      activesupport (= 5.2.4.3)
      builder (~> 3.1)
      erubi (~> 1.4)
      rails-dom-testing (~> 2.0)
      rails-html-sanitizer (~> 1.0, >= 1.0.3)
    activejob (5.2.4.3)
      activesupport (= 5.2.4.3)
      globalid (>= 0.3.6)
    activemodel (5.2.4.3)
      activesupport (= 5.2.4.3)
    activerecord (5.2.4.3)
      activemodel (= 5.2.4.3)
      activesupport (= 5.2.4.3)
      arel (>= 9.0)
    activestorage (5.2.4.3)
      actionpack (= 5.2.4.3)
      activerecord (= 5.2.4.3)
      marcel (~> 0.3.1)
    activesupport (5.2.4.3)
      concurrent-ruby (~> 1.0, >= 1.0.2)
      i18n (>= 0.7, < 2)
      minitest (~> 5.1)
      tzinfo (~> 1.1)
    addressable (2.7.0)
      public_suffix (>= 2.0.2, < 5.0)
    amq-protocol (2.3.1)
    amqp (1.8.0)
      amq-protocol (>= 2.2.0)
      eventmachine
    annotate (3.1.1)
      activerecord (>= 3.2, < 7.0)
      rake (>= 10.4, < 14.0)
    arel (9.0.0)
    arel-is-blank (1.0.0)
      arel (>= 6.0)
      arel-to-sql (~> 1.0)
    arel-to-sql (1.0.0)
      arel (>= 6.0)
    ast (2.4.0)
    aws-eventstream (1.1.0)
    aws-sigv4 (1.1.3)
      aws-eventstream (~> 1.0, >= 1.0.2)
    base58 (0.2.3)
    better-faraday (1.0.8)
      activesupport (>= 4.0, < 6.0)
      faraday (~> 0.12)
    bootsnap (1.4.6)
      msgpack (~> 1.0)
    builder (3.2.4)
    bullet (5.9.0)
      activesupport (>= 3.0.0)
      uniform_notifier (~> 1.11)
    bump (0.9.0)
    bunny (2.14.4)
      amq-protocol (~> 2.3, >= 2.3.0)
    byebug (11.1.1)
    cancancan (2.3.0)
    cash-addr (0.2.0)
      base58 (~> 0.2.2)
    clamp (1.3.1)
    coderay (1.1.2)
    concurrent-ruby (1.1.6)
    connection_pool (2.2.2)
    cookiejar (0.3.3)
    crack (0.4.3)
      safe_yaml (~> 1.0.0)
    crass (1.0.6)
    daemons (1.3.1)
    database_cleaner (1.8.3)
    diff-lcs (1.3)
    digest-sha3 (1.1.0)
    dry-configurable (0.11.5)
      concurrent-ruby (~> 1.0)
      dry-core (~> 0.4, >= 0.4.7)
      dry-equalizer (~> 0.2)
    dry-container (0.7.2)
      concurrent-ruby (~> 1.0)
      dry-configurable (~> 0.1, >= 0.1.3)
    dry-core (0.4.9)
      concurrent-ruby (~> 1.0)
    dry-equalizer (0.3.0)
    dry-inflector (0.2.0)
    dry-logic (1.0.6)
      concurrent-ruby (~> 1.0)
      dry-core (~> 0.2)
      dry-equalizer (~> 0.2)
    dry-types (1.4.0)
      concurrent-ruby (~> 1.0)
      dry-container (~> 0.3)
      dry-core (~> 0.4, >= 0.4.4)
      dry-equalizer (~> 0.3)
      dry-inflector (~> 0.1, >= 0.1.2)
      dry-logic (~> 1.0, >= 1.0.2)
    em-http-request (1.1.5)
      addressable (>= 2.3.4)
      cookiejar (!= 0.3.1)
      em-socksify (>= 0.3)
      eventmachine (>= 1.0.3)
      http_parser.rb (>= 0.6.0)
    em-socksify (0.3.2)
      eventmachine (>= 1.0.0.beta.4)
    em-synchrony (1.0.6)
      eventmachine (>= 1.0.0.beta.1)
    em-websocket (0.5.1)
      eventmachine (>= 0.12.9)
      http_parser.rb (~> 0.6.0)
    email_validator (1.6.0)
      activemodel
    enumerize (2.2.2)
      activesupport (>= 3.2)
    env-tweaks (1.0.0)
      activesupport (>= 3.0, < 6.0)
    erubi (1.9.0)
    eventmachine (1.2.7)
    factory_bot (5.2.0)
      activesupport (>= 4.2.0)
    factory_bot_rails (5.2.0)
      factory_bot (~> 5.2.0)
      railties (>= 4.2.0)
    faker (1.9.6)
      i18n (>= 0.7)
    faraday (0.17.3)
      multipart-post (>= 1.2, < 3)
    faraday_middleware (0.13.1)
      faraday (>= 0.7.4, < 1.0)
    faye (1.2.5)
      cookiejar (>= 0.3.0)
      em-http-request (>= 0.3.0)
      eventmachine (>= 0.12.0)
      faye-websocket (>= 0.9.1)
      multi_json (>= 1.0.0)
      rack (>= 1.0.0)
      websocket-driver (>= 0.5.1)
    faye-websocket (0.10.9)
      eventmachine (>= 0.12.0)
      websocket-driver (>= 0.5.1)
    ffi (1.12.2)
    figaro (1.1.1)
      thor (~> 0.14)
    globalid (0.4.2)
      activesupport (>= 4.2.0)
    god (0.13.7)
    grape (1.3.2)
      activesupport
      builder
      dry-types (>= 1.1)
      mustermann-grape (~> 1.0.0)
      rack (>= 1.3.0)
      rack-accept
    grape-entity (0.7.1)
      activesupport (>= 4.0)
      multi_json (>= 1.3.2)
    grape-swagger (0.30.1)
      grape (>= 0.16.2)
    grape-swagger-entity (0.2.5)
      grape-entity (>= 0.5.0)
      grape-swagger (>= 0.20.4)
    grape-swagger-ui (2.2.8)
      railties (>= 3.1)
    grape_logging (1.8.3)
      grape
      rack
    grape_on_rails_routes (0.3.2)
      rails (>= 3.1.1)
    hashdiff (1.0.1)
    hashie (3.6.0)
    hiredis (0.6.3)
    http_parser.rb (0.6.0)
    i18n (1.8.2)
      concurrent-ruby (~> 1.0)
    influxdb (0.7.0)
    io-console (0.5.6)
    irb (1.2.3)
      reline (>= 0.0.1)
    irix (2.4.5)
      em-synchrony (~> 1.0)
      em-websocket
      eventmachine
      faraday_middleware (~> 0.13.1)
      faye (~> 1.2)
      peatio (~> 2.4.2)
    jaro_winkler (1.5.4)
    jwt (2.1.0)
    jwt-multisig (1.0.0)
      activesupport (>= 4.0, < 6.0)
      jwt (~> 2.1)
    jwt-rack (0.1.0)
      jwt (~> 2.1.0)
      rack
    kaminari (1.2.1)
      activesupport (>= 4.1.0)
      kaminari-actionview (= 1.2.1)
      kaminari-activerecord (= 1.2.1)
      kaminari-core (= 1.2.1)
    kaminari-actionview (1.2.1)
      actionview
      kaminari-core (= 1.2.1)
    kaminari-activerecord (1.2.1)
      activerecord
      kaminari-core (= 1.2.1)
    kaminari-core (1.2.1)
    libv8 (7.3.492.27.1)
    listen (3.1.5)
      rb-fsevent (~> 0.9, >= 0.9.4)
      rb-inotify (~> 0.9, >= 0.9.7)
      ruby_dep (~> 1.2)
    loofah (2.5.0)
      crass (~> 1.0.2)
      nokogiri (>= 1.5.9)
    mail (2.7.1)
      mini_mime (>= 0.1.1)
    marcel (0.3.3)
      mimemagic (~> 0.3.2)
    memoist (0.16.2)
    method-not-implemented (1.0.1)
    method_source (0.9.2)
    mimemagic (0.3.5)
    mini_mime (1.0.2)
    mini_portile2 (2.4.0)
    mini_racer (0.2.9)
      libv8 (>= 6.9.411)
    minitest (5.14.1)
    mocha (1.11.2)
    msgpack (1.3.3)
    multi_json (1.14.1)
    multipart-post (2.1.1)
    mustermann (1.1.1)
      ruby2_keywords (~> 0.0.1)
    mustermann-grape (1.0.1)
      mustermann (>= 1.0.0)
    mysql2 (0.5.3)
    net-http-persistent (3.0.1)
      connection_pool (~> 2.2)
    nio4r (2.5.2)
    nokogiri (1.10.9)
      mini_portile2 (~> 2.4.0)
    parallel (1.19.1)
    parser (2.7.0.4)
      ast (~> 2.4.0)
    peatio (2.4.4)
      activemodel (> 5.2, <= 6.0.0)
      amqp
      bunny
      clamp
      em-synchrony (~> 1.0)
      em-websocket
      eventmachine
      faraday_middleware (~> 0.13.1)
      faye (~> 1.2)
      jwt
      mysql2
      prometheus-client
      thin
    prometheus-client (2.0.0)
    pry (0.12.2)
      coderay (~> 1.1.0)
      method_source (~> 0.9.0)
    pry-byebug (3.8.0)
      byebug (~> 11.0)
      pry (~> 0.10)
    public_suffix (4.0.5)
    puma (3.12.6)
    rack (2.2.2)
    rack-accept (0.4.5)
      rack (>= 0.4)
    rack-attack (5.4.2)
      rack (>= 1.0, < 3)
    rack-cors (1.0.6)
      rack (>= 1.6.0)
    rack-test (1.1.0)
      rack (>= 1.0, < 3)
    rails (5.2.4.3)
      actioncable (= 5.2.4.3)
      actionmailer (= 5.2.4.3)
      actionpack (= 5.2.4.3)
      actionview (= 5.2.4.3)
      activejob (= 5.2.4.3)
      activemodel (= 5.2.4.3)
      activerecord (= 5.2.4.3)
      activestorage (= 5.2.4.3)
      activesupport (= 5.2.4.3)
      bundler (>= 1.3.0)
      railties (= 5.2.4.3)
      sprockets-rails (>= 2.0.0)
    rails-dom-testing (2.0.3)
      activesupport (>= 4.2.0)
      nokogiri (>= 1.6)
    rails-html-sanitizer (1.3.0)
      loofah (~> 2.3)
    railties (5.2.4.3)
      actionpack (= 5.2.4.3)
      activesupport (= 5.2.4.3)
      method_source
      rake (>= 0.8.7)
      thor (>= 0.19.0, < 2.0)
    rainbow (3.0.0)
    rake (13.0.1)
    ransack (2.1.1)
      actionpack (>= 5.0)
      activerecord (>= 5.0)
      activesupport (>= 5.0)
      i18n
    rb-fsevent (0.10.3)
    rb-inotify (0.10.1)
      ffi (~> 1.0)
    rbtree (0.4.2)
    redis (4.1.3)
    reline (0.1.3)
      io-console (~> 0.5)
    rexml (3.2.4)
    rspec-core (3.9.0)
      rspec-support (~> 3.9.0)
    rspec-expectations (3.9.0)
      diff-lcs (>= 1.2.0, < 2.0)
      rspec-support (~> 3.9.0)
    rspec-mocks (3.9.0)
      diff-lcs (>= 1.2.0, < 2.0)
      rspec-support (~> 3.9.0)
    rspec-rails (3.9.0)
      actionpack (>= 3.0)
      activesupport (>= 3.0)
      railties (>= 3.0)
      rspec-core (~> 3.9.0)
      rspec-expectations (~> 3.9.0)
      rspec-mocks (~> 3.9.0)
      rspec-support (~> 3.9.0)
    rspec-retry (0.6.2)
      rspec-core (> 3.3)
    rspec-support (3.9.2)
    rubocop (0.80.1)
      jaro_winkler (~> 1.5.1)
      parallel (~> 1.10)
      parser (>= 2.7.0.1)
      rainbow (>= 2.2.2, < 4.0)
      rexml
      ruby-progressbar (~> 1.7)
      unicode-display_width (>= 1.4.0, < 1.7)
    rubocop-rspec (1.38.1)
      rubocop (>= 0.68.1)
    ruby-prof (0.17.0)
    ruby-progressbar (1.10.1)
    ruby2_keywords (0.0.2)
    ruby_dep (1.5.0)
    safe_yaml (1.0.5)
    scout_apm (2.6.7)
      parser
    sentry-raven (2.9.0)
      faraday (>= 0.7.6, < 1.0)
    sprockets (4.0.0)
      concurrent-ruby (~> 1.0)
      rack (> 1, < 3)
    sprockets-rails (3.2.1)
      actionpack (>= 4.0)
      activesupport (>= 4.0)
      sprockets (>= 3.0.0)
    thin (1.7.2)
      daemons (~> 1.0, >= 1.0.9)
      eventmachine (~> 1.0, >= 1.0.4)
      rack (>= 1, < 3)
    thor (0.20.3)
    thread_safe (0.3.6)
    timecop (0.9.1)
    tzinfo (1.2.7)
      thread_safe (~> 0.1)
    unicode-display_width (1.6.1)
    uniform_notifier (1.13.0)
    validate_url (1.0.11)
      activemodel (>= 3.0.0)
      public_suffix
    validates_lengths_from_database (0.7.0)
      activerecord (>= 3)
    vault (0.13.2)
      aws-sigv4
    webmock (3.8.3)
      addressable (>= 2.3.6)
      crack (>= 0.3.2)
      hashdiff (>= 0.4.0, < 2.0.0)
    websocket-driver (0.7.1)
      websocket-extensions (>= 0.1.0)
    websocket-extensions (0.1.4)

PLATFORMS
  ruby

DEPENDENCIES
  aasm (~> 5.0.0)
  annotate (~> 3.1.0)
  arel-is-blank (~> 1.0.0)
  better-faraday (~> 1.0.8)
  bootsnap (>= 1.1.0)
  bullet (~> 5.9, >= 5.9.0)
  bump (~> 0.7)
  bunny (~> 2.14.1)
  cancancan (~> 2.3.0)
  cash-addr (~> 0.2.0)
  database_cleaner (~> 1.7)
  digest-sha3 (~> 1.1.0)
  em-synchrony (~> 1.0)
  email_validator (~> 1.6.0)
  enumerize (~> 2.2.2)
  env-tweaks (~> 1.0.0)
  eventmachine (~> 1.2)
  factory_bot_rails (~> 5.1, >= 5.1.1)
  faker (~> 1.8)
  faraday (~> 0.17)
  faraday_middleware (~> 0.13.1)
  faye (~> 1.2)
  figaro (~> 1.1.1)
  god (~> 0.13.7)
  grape (~> 1.3.1)
  grape-entity (~> 0.7.1)
  grape-swagger (~> 0.30.1)
  grape-swagger-entity (~> 0.2.5)
  grape-swagger-ui (~> 2.2.8)
  grape_logging (~> 1.8.3)
  grape_on_rails_routes (~> 0.3.2)
  hashie (~> 3.6.0)
  hiredis (~> 0.6.0)
  influxdb (~> 0.7.0)
  irb
  irix (~> 2.4.5)
  jwt (~> 2.1.0)
  jwt-multisig (~> 1.0.0)
  jwt-rack (~> 0.1.0)
  kaminari (~> 1.2.1)
  listen (>= 3.0.5, < 3.2)
  memoist (~> 0.16.0)
  method-not-implemented (~> 1.0.1)
  mini_racer (~> 0.2.4)
  mocha (~> 1.8)
  mysql2 (~> 0.5.2)
  net-http-persistent (~> 3.0.1)
  peatio (= 2.4.4)
  pry-byebug (~> 3.7)
  puma (~> 3.12.6)
  rack-attack (~> 5.4.2)
  rack-cors (~> 1.0.6)
  rails (~> 5.2.4, >= 5.2.4.3)
  ransack (~> 2.1.1)
  rbtree (~> 0.4.2)
  redis (~> 4.1.2)
  rspec-rails (~> 3.8, >= 3.8.2)
  rspec-retry (~> 0.6)
  rubocop-rspec (~> 1.32)
  ruby-prof (~> 0.17.0)
  safe_yaml (~> 1.0.5)
  scout_apm (~> 2.4)
  sentry-raven (~> 2.9.0)
  timecop (~> 0.9)
  validate_url (~> 1.0.8)
  validates_lengths_from_database (~> 0.7.0)
  vault (~> 0.12)
  vault-rails!
  webmock (~> 3.5)

RUBY VERSION
   ruby 2.6.5p114

BUNDLED WITH
   1.17.3
